GEM
  remote: https://rubygems.org/
  specs:
    awesome_print (1.6.1)
    curl (0.0.9)
      awesome_print (>= 0.2.1)
      unidecoder (>= 1.1.1)
    unidecoder (1.1.2)

PLATFORMS
  ruby

DEPENDENCIES
  curl

BUNDLED WITH
   1.11.2
